GEM
  remote: https://rubygems.org/
  specs:
    concurrent-ruby (1.2.0)
    connection_pool (2.3.0)
    et-orbi (1.2.7)
      tzinfo
    fugit (1.8.1)
      et-orbi (~> 1, >= 1.2.7)
      raabro (~> 1.4)
    nio4r (2.5.8)
    puma (6.1.0)
      nio4r (~> 2.0)
    raabro (1.4.0)
    rack (3.0.6.1)
    rack-session (2.0.0)
      rack (>= 3.0.0)
    redis-client (0.12.2)
      connection_pool
    sidekiq (7.0.5)
      concurrent-ruby (< 2)
      connection_pool (>= 2.3.0)
      rack (>= 2.2.4)
      redis-client (>= 0.11.0)
    sidekiq-cron (1.9.1)
      fugit (~> 1.8)
      sidekiq (>= 4.2.1)
    tzinfo (2.0.6)
      concurrent-ruby (~> 1.0)
    tzinfo-data (1.2022.7)
      tzinfo (>= 1.0.0)

PLATFORMS
  aarch64-linux-musl
  arm64-darwin-21
  arm64-darwin-22
  x86_64-linux
  x86_64-linux-musl

DEPENDENCIES
  puma
  rack-session
  sidekiq
  sidekiq-cron
  tzinfo-data

BUNDLED WITH
   2.4.7
