GEM
  remote: https://rubygems.org/
  specs:
    chronic_duration (0.10.6)
      numerizer (~> 0.1.1)
    concurrent-ruby (1.1.10)
    connection_pool (2.2.5)
    e2mmap (0.1.0)
    et-orbi (1.2.7)
      tzinfo
    fugit (1.5.2)
      et-orbi (~> 1.1, >= 1.1.8)
      raabro (~> 1.4)
    nio4r (2.5.8)
    numerizer (0.1.1)
    puma (5.6.4)
      nio4r (~> 2.0)
    raabro (1.4.0)
    rack (2.2.3.1)
    redis (4.6.0)
    redis-namespace (1.8.2)
      redis (>= 3.0.4)
    rufus-scheduler (3.8.1)
      fugit (~> 1.1, >= 1.1.6)
    sidekiq (6.4.1)
      connection_pool (>= 2.2.2)
      rack (~> 2.0)
      redis (>= 4.2.0)
    sidekiq-failures (1.0.1)
      sidekiq (>= 4.0.0)
    sidekiq-scheduler (3.1.1)
      e2mmap
      redis (>= 3, < 5)
      rufus-scheduler (~> 3.2)
      sidekiq (>= 3)
      thwait
      tilt (>= 1.4.0)
    sidekiq-status (2.1.3)
      chronic_duration
      sidekiq (>= 5.0)
    thwait (0.2.0)
      e2mmap
    tilt (2.0.10)
    tzinfo (2.0.4)
      concurrent-ruby (~> 1.0)
    tzinfo-data (1.2022.1)
      tzinfo (>= 1.0.0)

PLATFORMS
  aarch64-linux-musl
  arm64-darwin-21
  x86_64-linux-musl

DEPENDENCIES
  puma
  redis-namespace
  sidekiq
  sidekiq-failures
  sidekiq-scheduler
  sidekiq-status
  tzinfo-data

BUNDLED WITH
   2.3.8
